GEM
  remote: https://rubygems.org/
  specs:
    metaclass (0.0.4)
    mocha (1.1.0)
      metaclass (~> 0.0.1)
    oauth (0.4.4)

PLATFORMS
  ruby

DEPENDENCIES
  mocha
  oauth (= 0.4.4)

BUNDLED WITH
   1.11.2
